GEM
  remote: https://rubygems.org/
  specs:
    racer (0.1.3)
    rack (1.5.2)

PLATFORMS
  ruby

DEPENDENCIES
  racer
  rack
